GEM
  remote: https://rubygems.org/
  specs:
    backports (3.6.4)
    exifr (1.2.2)
    foreman (0.78.0)
      thor (~> 0.19.1)
    multi_json (1.11.1)
    rack (1.6.4)
    rack-protection (1.5.3)
      rack
    rack-test (0.6.3)
      rack (>= 1.0)
    rmagick (2.15.2)
    shotgun (0.9.1)
      rack (>= 1.0)
    sinatra (1.4.6)
      rack (~> 1.4)
      rack-protection (~> 1.4)
      tilt (>= 1.3, < 3)
    sinatra-contrib (1.4.4)
      backports (>= 2.0)
      multi_json
      rack-protection
      rack-test
      sinatra (~> 1.4.0)
      tilt (>= 1.3, < 3)
    thor (0.19.1)
    tilt (2.0.1)

PLATFORMS
  ruby

DEPENDENCIES
  exifr
  foreman
  rmagick
  shotgun
  sinatra
  sinatra-contrib
